PATH
  remote: .
  specs:
    defaults (2.0.0)
      activerecord (>= 5.0.0)

GEM
  remote: https://rubygems.org/
  specs:
    activemodel (5.2.2)
      activesupport (= 5.2.2)
    activerecord (5.2.2)
      activemodel (= 5.2.2)
      activesupport (= 5.2.2)
      arel (>= 9.0)
    activesupport (5.2.2)
      concurrent-ruby (~> 1.0, >= 1.0.2)
      i18n (>= 0.7, < 2)
      minitest (~> 5.1)
      tzinfo (~> 1.1)
    arel (9.0.0)
    awesome_print (1.8.0)
    byebug (10.0.2)
    coderay (1.1.2)
    concurrent-ruby (1.1.4)
    docile (1.1.5)
    i18n (1.3.0)
      concurrent-ruby (~> 1.0)
    json (2.1.0)
    method_source (0.9.2)
    minitest (5.11.3)
    minitest-utils (0.4.4)
      minitest
    pry (0.12.2)
      coderay (~> 1.1.0)
      method_source (~> 0.9.0)
    pry-byebug (3.6.0)
      byebug (~> 10.0)
      pry (~> 0.10)
    pry-meta (0.0.10)
      awesome_print
      pry
      pry-byebug
      pry-remote
    pry-remote (0.1.8)
      pry (~> 0.9)
      slop (~> 3.0)
    rake (12.3.2)
    simplecov (0.13.0)
      docile (~> 1.1.0)
      json (>= 1.8, < 3)
      simplecov-html (~> 0.10.0)
    simplecov-html (0.10.2)
    slop (3.6.0)
    sqlite3 (1.3.13)
    thread_safe (0.3.6)
    tzinfo (1.2.5)
      thread_safe (~> 0.1)

PLATFORMS
  ruby

DEPENDENCIES
  defaults!
  minitest-utils
  pry-meta
  rake
  simplecov
  sqlite3

BUNDLED WITH
   1.17.3
